PATH
  remote: .
  specs:
    minimization (0.2.5)
      text-table (~> 1.2)

GEM
  remote: https://rubygems.org/
  specs:
    diff-lcs (1.3)
    rake (10.5.0)
    rspec (3.8.0)
      rspec-core (~> 3.8.0)
      rspec-expectations (~> 3.8.0)
      rspec-mocks (~> 3.8.0)
    rspec-core (3.8.0)
      rspec-support (~> 3.8.0)
    rspec-expectations (3.8.2)
      diff-lcs (>= 1.2.0, < 2.0)
      rspec-support (~> 3.8.0)
    rspec-mocks (3.8.0)
      diff-lcs (>= 1.2.0, < 2.0)
      rspec-support (~> 3.8.0)
    rspec-support (3.8.0)
    text-table (1.2.4)

PLATFORMS
  ruby

DEPENDENCIES
  bundler (~> 1.3)
  minimization!
  rake (~> 10)
  rspec (~> 3.2)

BUNDLED WITH
   1.17.2
