PATH
  remote: .
  specs:
    minimization (0.2.1)
      gsl
      text-table (~> 1.2)

GEM
  remote: https://www.rubygems.org/
  specs:
    diff-lcs (1.3)
    gsl (2.1.0.3)
    json_pure (2.1.0)
    rake (10.5.0)
    rspec (3.8.0)
      rspec-core (~> 3.8.0)
      rspec-expectations (~> 3.8.0)
      rspec-mocks (~> 3.8.0)
    rspec-core (3.8.0)
      rspec-support (~> 3.8.0)
    rspec-expectations (3.8.2)
      diff-lcs (>= 1.2.0, < 2.0)
      rspec-support (~> 3.8.0)
    rspec-mocks (3.8.0)
      diff-lcs (>= 1.2.0, < 2.0)
      rspec-support (~> 3.8.0)
    rspec-support (3.8.0)
    rubyforge (2.0.4)
      json_pure (>= 1.1.7)
    text-table (1.2.4)

PLATFORMS
  ruby

DEPENDENCIES
  bundler (~> 1.3)
  minimization!
  rake (~> 10)
  rspec
  rubyforge (~> 2.0)

BUNDLED WITH
   1.17.2
